Brain Vision Data Exchange Header File Version 1.0
; Data created by FieldTrip

[Common Infos]
DataFile=sub-19_task-rest_desc-cleaned_eeg.eeg
MarkerFile=sub-19_task-rest_desc-cleaned_eeg.vmrk
DataFormat=BINARY
DataOrientation=MULTIPLEXED
NumberOfChannels=208
SamplingInterval=5000

[Binary Infos]
BinaryFormat=IEEE_FLOAT_32

[Channel Infos]
Ch1=1,,1
Ch2=2,,1
Ch3=3,,1
Ch4=4,,1
Ch5=5,,1
Ch6=6,,1
Ch7=7,,1
Ch8=8,,1
Ch9=9,,1
Ch10=10,,1
Ch11=11,,1
Ch12=12,,1
Ch13=13,,1
Ch14=14,,1
Ch15=15,,1
Ch16=16,,1
Ch17=17,,1
Ch18=18,,1
Ch19=19,,1
Ch20=20,,1
Ch21=21,,1
Ch22=22,,1
Ch23=23,,1
Ch24=24,,1
Ch25=25,,1
Ch26=26,,1
Ch27=27,,1
Ch28=28,,1
Ch29=29,,1
Ch30=30,,1
Ch31=32,,1
Ch32=33,,1
Ch33=34,,1
Ch34=35,,1
Ch35=36,,1
Ch36=37,,1
Ch37=38,,1
Ch38=39,,1
Ch39=40,,1
Ch40=41,,1
Ch41=42,,1
Ch42=43,,1
Ch43=44,,1
Ch44=45,,1
Ch45=46,,1
Ch46=47,,1
Ch47=48,,1
Ch48=49,,1
Ch49=50,,1
Ch50=51,,1
Ch51=52,,1
Ch52=53,,1
Ch53=54,,1
Ch54=55,,1
Ch55=56,,1
Ch56=57,,1
Ch57=58,,1
Ch58=59,,1
Ch59=60,,1
Ch60=61,,1
Ch61=62,,1
Ch62=63,,1
Ch63=64,,1
Ch64=65,,1
Ch65=66,,1
Ch66=67,,1
Ch67=68,,1
Ch68=69,,1
Ch69=70,,1
Ch70=71,,1
Ch71=72,,1
Ch72=74,,1
Ch73=75,,1
Ch74=76,,1
Ch75=77,,1
Ch76=78,,1
Ch77=79,,1
Ch78=80,,1
Ch79=81,,1
Ch80=83,,1
Ch81=84,,1
Ch82=85,,1
Ch83=86,,1
Ch84=87,,1
Ch85=88,,1
Ch86=89,,1
Ch87=90,,1
Ch88=93,,1
Ch89=94,,1
Ch90=95,,1
Ch91=96,,1
Ch92=97,,1
Ch93=98,,1
Ch94=99,,1
Ch95=100,,1
Ch96=101,,1
Ch97=103,,1
Ch98=104,,1
Ch99=105,,1
Ch100=106,,1
Ch101=107,,1
Ch102=108,,1
Ch103=109,,1
Ch104=110,,1
Ch105=112,,1
Ch106=113,,1
Ch107=114,,1
Ch108=115,,1
Ch109=116,,1
Ch110=117,,1
Ch111=118,,1
Ch112=119,,1
Ch113=121,,1
Ch114=122,,1
Ch115=123,,1
Ch116=124,,1
Ch117=125,,1
Ch118=126,,1
Ch119=127,,1
Ch120=128,,1
Ch121=129,,1
Ch122=130,,1
Ch123=131,,1
Ch124=132,,1
Ch125=134,,1
Ch126=135,,1
Ch127=136,,1
Ch128=137,,1
Ch129=138,,1
Ch130=139,,1
Ch131=140,,1
Ch132=141,,1
Ch133=142,,1
Ch134=143,,1
Ch135=144,,1
Ch136=146,,1
Ch137=147,,1
Ch138=148,,1
Ch139=149,,1
Ch140=150,,1
Ch141=151,,1
Ch142=152,,1
Ch143=153,,1
Ch144=154,,1
Ch145=155,,1
Ch146=156,,1
Ch147=157,,1
Ch148=158,,1
Ch149=159,,1
Ch150=160,,1
Ch151=161,,1
Ch152=162,,1
Ch153=163,,1
Ch154=164,,1
Ch155=166,,1
Ch156=167,,1
Ch157=168,,1
Ch158=169,,1
Ch159=170,,1
Ch160=171,,1
Ch161=172,,1
Ch162=173,,1
Ch163=175,,1
Ch164=176,,1
Ch165=177,,1
Ch166=178,,1
Ch167=179,,1
Ch168=180,,1
Ch169=181,,1
Ch170=182,,1
Ch171=183,,1
Ch172=184,,1
Ch173=185,,1
Ch174=186,,1
Ch175=188,,1
Ch176=189,,1
Ch177=190,,1
Ch178=191,,1
Ch179=192,,1
Ch180=193,,1
Ch181=194,,1
Ch182=195,,1
Ch183=196,,1
Ch184=197,,1
Ch185=198,,1
Ch186=200,,1
Ch187=201,,1
Ch188=202,,1
Ch189=203,,1
Ch190=204,,1
Ch191=205,,1
Ch192=206,,1
Ch193=207,,1
Ch194=210,,1
Ch195=211,,1
Ch196=212,,1
Ch197=213,,1
Ch198=214,,1
Ch199=215,,1
Ch200=219,,1
Ch201=220,,1
Ch202=221,,1
Ch203=222,,1
Ch204=223,,1
Ch205=224,,1
Ch206=225,,1
Ch207=253,,1
Ch208=VREF,,1
