Brain Vision Data Exchange Header File Version 1.0
; Data created by FieldTrip

[Common Infos]
DataFile=sub-synth_task-rest_desc-spkavgall_eeg.eeg
MarkerFile=sub-synth_task-rest_desc-spkavgall_eeg.vmrk
DataFormat=BINARY
DataOrientation=MULTIPLEXED
NumberOfChannels=208
SamplingInterval=3.906250e+03

[Binary Infos]
BinaryFormat=IEEE_FLOAT_32

[Channel Infos]
Ch1=E1,,1
Ch2=E2,,1
Ch3=E3,,1
Ch4=E4,,1
Ch5=E5,,1
Ch6=E6,,1
Ch7=E7,,1
Ch8=E8,,1
Ch9=E9,,1
Ch10=E10,,1
Ch11=E11,,1
Ch12=E12,,1
Ch13=E13,,1
Ch14=E14,,1
Ch15=E15,,1
Ch16=E16,,1
Ch17=E17,,1
Ch18=E18,,1
Ch19=E19,,1
Ch20=E20,,1
Ch21=E21,,1
Ch22=E22,,1
Ch23=E23,,1
Ch24=E24,,1
Ch25=E25,,1
Ch26=E26,,1
Ch27=E27,,1
Ch28=E28,,1
Ch29=E29,,1
Ch30=E30,,1
Ch31=E32,,1
Ch32=E33,,1
Ch33=E34,,1
Ch34=E35,,1
Ch35=E36,,1
Ch36=E37,,1
Ch37=E38,,1
Ch38=E39,,1
Ch39=E40,,1
Ch40=E41,,1
Ch41=E42,,1
Ch42=E43,,1
Ch43=E44,,1
Ch44=E45,,1
Ch45=E46,,1
Ch46=E47,,1
Ch47=E48,,1
Ch48=E49,,1
Ch49=E50,,1
Ch50=E51,,1
Ch51=E52,,1
Ch52=E53,,1
Ch53=E54,,1
Ch54=E55,,1
Ch55=E56,,1
Ch56=E57,,1
Ch57=E58,,1
Ch58=E59,,1
Ch59=E60,,1
Ch60=E61,,1
Ch61=E62,,1
Ch62=E63,,1
Ch63=E64,,1
Ch64=E65,,1
Ch65=E66,,1
Ch66=E67,,1
Ch67=E68,,1
Ch68=E69,,1
Ch69=E70,,1
Ch70=E71,,1
Ch71=E72,,1
Ch72=E74,,1
Ch73=E75,,1
Ch74=E76,,1
Ch75=E77,,1
Ch76=E78,,1
Ch77=E79,,1
Ch78=E80,,1
Ch79=E81,,1
Ch80=E83,,1
Ch81=E84,,1
Ch82=E85,,1
Ch83=E86,,1
Ch84=E87,,1
Ch85=E88,,1
Ch86=E89,,1
Ch87=E90,,1
Ch88=E93,,1
Ch89=E94,,1
Ch90=E95,,1
Ch91=E96,,1
Ch92=E97,,1
Ch93=E98,,1
Ch94=E99,,1
Ch95=E100,,1
Ch96=E101,,1
Ch97=E103,,1
Ch98=E104,,1
Ch99=E105,,1
Ch100=E106,,1
Ch101=E107,,1
Ch102=E108,,1
Ch103=E109,,1
Ch104=E110,,1
Ch105=E112,,1
Ch106=E113,,1
Ch107=E114,,1
Ch108=E115,,1
Ch109=E116,,1
Ch110=E117,,1
Ch111=E118,,1
Ch112=E119,,1
Ch113=E121,,1
Ch114=E122,,1
Ch115=E123,,1
Ch116=E124,,1
Ch117=E125,,1
Ch118=E126,,1
Ch119=E127,,1
Ch120=E128,,1
Ch121=E129,,1
Ch122=E130,,1
Ch123=E131,,1
Ch124=E132,,1
Ch125=E134,,1
Ch126=E135,,1
Ch127=E136,,1
Ch128=E137,,1
Ch129=E138,,1
Ch130=E139,,1
Ch131=E140,,1
Ch132=E141,,1
Ch133=E142,,1
Ch134=E143,,1
Ch135=E144,,1
Ch136=E146,,1
Ch137=E147,,1
Ch138=E148,,1
Ch139=E149,,1
Ch140=E150,,1
Ch141=E151,,1
Ch142=E152,,1
Ch143=E153,,1
Ch144=E154,,1
Ch145=E155,,1
Ch146=E156,,1
Ch147=E157,,1
Ch148=E158,,1
Ch149=E159,,1
Ch150=E160,,1
Ch151=E161,,1
Ch152=E162,,1
Ch153=E163,,1
Ch154=E164,,1
Ch155=E166,,1
Ch156=E167,,1
Ch157=E168,,1
Ch158=E169,,1
Ch159=E170,,1
Ch160=E171,,1
Ch161=E172,,1
Ch162=E173,,1
Ch163=E175,,1
Ch164=E176,,1
Ch165=E177,,1
Ch166=E178,,1
Ch167=E179,,1
Ch168=E180,,1
Ch169=E181,,1
Ch170=E182,,1
Ch171=E183,,1
Ch172=E184,,1
Ch173=E185,,1
Ch174=E186,,1
Ch175=E188,,1
Ch176=E189,,1
Ch177=E190,,1
Ch178=E191,,1
Ch179=E192,,1
Ch180=E193,,1
Ch181=E194,,1
Ch182=E195,,1
Ch183=E196,,1
Ch184=E197,,1
Ch185=E198,,1
Ch186=E200,,1
Ch187=E201,,1
Ch188=E202,,1
Ch189=E203,,1
Ch190=E204,,1
Ch191=E205,,1
Ch192=E206,,1
Ch193=E207,,1
Ch194=E210,,1
Ch195=E211,,1
Ch196=E212,,1
Ch197=E213,,1
Ch198=E214,,1
Ch199=E215,,1
Ch200=E219,,1
Ch201=E220,,1
Ch202=E221,,1
Ch203=E222,,1
Ch204=E223,,1
Ch205=E224,,1
Ch206=E225,,1
Ch207=E253,,1
Ch208=Cz,,1
