Brain Vision Data Exchange Header File Version 1.0
; Data created by FieldTrip

[Common Infos]
DataFile=sub-synth_task-rest_eeg.eeg
MarkerFile=sub-synth_task-rest_eeg.vmrk
DataFormat=BINARY
DataOrientation=MULTIPLEXED
NumberOfChannels=204
SamplingInterval=3.906250e+03

[Binary Infos]
BinaryFormat=IEEE_FLOAT_32

[Channel Infos]
Ch1=1,,1
Ch2=F8,,1
Ch3=3,,1
Ch4=4,,1
Ch5=F2,,1
Ch6=6,,1
Ch7=7,,1
Ch8=8,,1
Ch9=9,,1
Ch10=AF8,,1
Ch11=11,,1
Ch12=AF4,,1
Ch13=13,,1
Ch14=14,,1
Ch15=FCz,,1
Ch16=16,,1
Ch17=17,,1
Ch18=FP2,,1
Ch19=19,,1
Ch20=20,,1
Ch21=Fz,,1
Ch22=22,,1
Ch23=23,,1
Ch24=FC1,,1
Ch25=25,,1
Ch26=FPz,,1
Ch27=27,,1
Ch28=28,,1
Ch29=F1,,1
Ch30=30,,1
Ch31=32,,1
Ch32=33,,1
Ch33=AF3,,1
Ch34=35,,1
Ch35=F3,,1
Ch36=FP1,,1
Ch37=38,,1
Ch38=39,,1
Ch39=40,,1
Ch40=41,,1
Ch41=FC3,,1
Ch42=43,,1
Ch43=C1,,1
Ch44=45,,1
Ch45=AF7,,1
Ch46=F7,,1
Ch47=F5,,1
Ch48=FC5,,1
Ch49=50,,1
Ch50=51,,1
Ch51=52,,1
Ch52=53,,1
Ch53=54,,1
Ch54=55,,1
Ch55=56,,1
Ch56=57,,1
Ch57=58,,1
Ch58=C3,,1
Ch59=60,,1
Ch60=61,,1
Ch61=FT7,,1
Ch62=63,,1
Ch63=C5,,1
Ch64=65,,1
Ch65=CP3,,1
Ch66=T9,,1
Ch67=T7,,1
Ch68=70,,1
Ch69=71,,1
Ch70=72,,1
Ch71=74,,1
Ch72=75,,1
Ch73=CP5,,1
Ch74=77,,1
Ch75=78,,1
Ch76=CP1,,1
Ch77=80,,1
Ch78=81,,1
Ch79=83,,1
Ch80=TP7,,1
Ch81=85,,1
Ch82=P5,,1
Ch83=P3,,1
Ch84=P1,,1
Ch85=89,,1
Ch86=CPz,,1
Ch87=93,,1
Ch88=TP9,,1
Ch89=95,,1
Ch90=P7,,1
Ch91=PO7,,1
Ch92=98,,1
Ch93=99,,1
Ch94=100,,1
Ch95=Pz,,1
Ch96=103,,1
Ch97=104,,1
Ch98=105,,1
Ch99=P9,,1
Ch100=107,,1
Ch101=108,,1
Ch102=PO3,,1
Ch103=110,,1
Ch104=112,,1
Ch105=113,,1
Ch106=114,,1
Ch107=115,,1
Ch108=O1,,1
Ch109=117,,1
Ch110=118,,1
Ch111=POz,,1
Ch112=121,,1
Ch113=122,,1
Ch114=123,,1
Ch115=124,,1
Ch116=125,,1
Ch117=Oz,,1
Ch118=127,,1
Ch119=128,,1
Ch120=129,,1
Ch121=130,,1
Ch122=131,,1
Ch123=132,,1
Ch124=134,,1
Ch125=135,,1
Ch126=136,,1
Ch127=137,,1
Ch128=138,,1
Ch129=139,,1
Ch130=PO4,,1
Ch131=141,,1
Ch132=P2,,1
Ch133=CP2,,1
Ch134=144,,1
Ch135=146,,1
Ch136=147,,1
Ch137=148,,1
Ch138=149,,1
Ch139=O2,,1
Ch140=151,,1
Ch141=152,,1
Ch142=P4,,1
Ch143=154,,1
Ch144=155,,1
Ch145=156,,1
Ch146=157,,1
Ch147=158,,1
Ch148=159,,1
Ch149=160,,1
Ch150=PO8,,1
Ch151=P6,,1
Ch152=163,,1
Ch153=CP4,,1
Ch154=166,,1
Ch155=167,,1
Ch156=168,,1
Ch157=P10,,1
Ch158=P8,,1
Ch159=171,,1
Ch160=CP6,,1
Ch161=173,,1
Ch162=175,,1
Ch163=176,,1
Ch164=177,,1
Ch165=178,,1
Ch166=TP8,,1
Ch167=180,,1
Ch168=181,,1
Ch169=182,,1
Ch170=C4,,1
Ch171=184,,1
Ch172=C2,,1
Ch173=186,,1
Ch174=188,,1
Ch175=189,,1
Ch176=TP10,,1
Ch177=191,,1
Ch178=192,,1
Ch179=193,,1
Ch180=C6,,1
Ch181=195,,1
Ch182=196,,1
Ch183=197,,1
Ch184=198,,1
Ch185=200,,1
Ch186=201,,1
Ch187=T8,,1
Ch188=203,,1
Ch189=204,,1
Ch190=205,,1
Ch191=FC4,,1
Ch192=FC2,,1
Ch193=T10,,1
Ch194=FT8,,1
Ch195=212,,1
Ch196=FC6,,1
Ch197=214,,1
Ch198=215,,1
Ch199=220,,1
Ch200=221,,1
Ch201=F6,,1
Ch202=223,,1
Ch203=F4,,1
Ch204=Cz,,1
